GEM
  remote: http://rubygems.org/
  specs:
    activesupport (3.0.4)
    addressable (2.2.4)
    eventmachine (0.12.10)
    faraday (0.5.7)
      addressable (~> 2.2.4)
      multipart-post (~> 1.1.0)
      rack (>= 1.1.0, < 2)
    faraday_middleware (0.3.2)
      faraday (~> 0.5.4)
    hashie (1.0.0)
    instagram (0.6)
      faraday (~> 0.5.4)
      faraday_middleware (~> 0.3.1)
      hashie (~> 1.0.0)
      multi_json (~> 0.0.5)
    mime-types (1.16)
    multi_json (0.0.5)
    multipart-post (1.1.0)
    rack (1.2.1)
    rack-test (0.5.6)
      rack (>= 1.0)
    roauth (0.0.3)
    sequel (3.20.0)
    sinatra (1.1.3)
      rack (~> 1.1)
      tilt (>= 1.2.2, < 2.0)
    sqlite3 (1.3.3)
    tilt (1.2.2)
    tinder (1.4.3)
      activesupport
      eventmachine
      faraday (~> 0.5.1)
      mime-types
      multipart-post
      twitter-stream
    twitter-stream (0.1.10)
      eventmachine (>= 0.12.8)
      roauth (>= 0.0.2)
    typhoeus (0.2.4)
      mime-types
      mime-types
    yajl-ruby (0.8.1)

PLATFORMS
  ruby

DEPENDENCIES
  faraday (~> 0.5.7)
  instagram
  rack-test
  sequel
  sinatra
  sqlite3
  tinder
  typhoeus
  yajl-ruby
