GEM
  remote: http://rubygems.org/
  specs:
    addressable (2.2.4)
    excon (0.5.6)
    faraday (0.5.7)
      addressable (~> 2.2.4)
      multipart-post (~> 1.1.0)
      rack (>= 1.1.0, < 2)
    faraday_middleware (0.3.2)
      faraday (~> 0.5.4)
    hashie (1.0.0)
    instagram (0.6)
      faraday (~> 0.5.4)
      faraday_middleware (~> 0.3.1)
      hashie (~> 1.0.0)
      multi_json (~> 0.0.5)
    multi_json (0.0.5)
    multipart-post (1.1.0)
    rack (1.2.1)
    rack-test (0.5.6)
      rack (>= 1.0)
    sequel (3.20.0)
    sinatra (1.1.3)
      rack (~> 1.1)
      tilt (>= 1.2.2, < 2.0)
    sqlite3 (1.3.3)
    tilt (1.2.2)
    yajl-ruby (0.8.1)

PLATFORMS
  ruby

DEPENDENCIES
  excon
  faraday (~> 0.5.7)
  instagram
  rack-test
  sequel
  sinatra
  sqlite3
  yajl-ruby
